GIT
  remote: https://github.com/winnipegrb/rmeetup.git
  revision: 883c16c32e1ceabeeec00d4be4792d8f40b2f99d
  specs:
    rMeetup (1.1.0)
      json

GEM
  remote: https://rubygems.org/
  specs:
    awesome_print (1.9.2)
    haml (6.1.1)
      temple (>= 0.8.2)
      thor
      tilt
    json (2.6.3)
    mustermann (3.0.0)
      ruby2_keywords (~> 0.0.1)
    nio4r (2.5.9)
    puma (6.3.0)
      nio4r (~> 2.0)
    rack (2.2.7)
    rack-protection (3.0.6)
      rack
    ruby2_keywords (0.0.5)
    shotgun (0.9.2)
      rack (>= 1.0)
    sinatra (3.0.6)
      mustermann (~> 3.0)
      rack (~> 2.2, >= 2.2.4)
      rack-protection (= 3.0.6)
      tilt (~> 2.0)
    temple (0.10.2)
    thor (1.2.2)
    tilt (2.2.0)

PLATFORMS
  ruby

DEPENDENCIES
  awesome_print
  haml
  puma
  rMeetup!
  shotgun
  sinatra

BUNDLED WITH
   2.4.10
